{
	"ECGChannelCount":0,
	"EEGChannelCount":128,
	"EEGReference":"C1",
	"EMGChannelCount":0,
	"EOGChannelCount":0,
	"InstitutionName":"Freie University Berlin",
	"InstitutionalDepartmentName":"Cognitive Neuroscience",
	"MiscChannelCount":0,
	"PowerLineFrequency":60,
	"RecordingDuration":915,
	"SamplingFrequency":512,
	"TaskDescription":"128-channel EEG data set acquired from a study of mismatch negativity in the auditory system. The experiment comprised an auditory oddball paradigm in which subjects heard standard (500Hz) and deviant (550Hz) tones, occuring 80% (480 trials) and 20% (120 trials) of the time, respectively, in a pseudo-random sequence subject to the constraint that two deviant tones did not occur together.",
	"TaskName":"spm12MMN",
	"TriggerChannelCount":0
}
